GEM
  remote: http://rubygems.org/
  specs:
    ansi (1.4.3)
    minitest (3.2.0)
    pg (0.14.0)
    rack (1.4.1)
    rack-protection (1.2.0)
      rack
    sinatra (1.3.2)
      rack (~> 1.3, >= 1.3.6)
      rack-protection (~> 1.2)
      tilt (~> 1.3, >= 1.3.3)
    tilt (1.3.3)
    turn (0.9.6)
      ansi

PLATFORMS
  ruby

DEPENDENCIES
  minitest
  pg
  sinatra
  turn
